GEM
  remote: https://rubygems.org/
  specs:
    diff-lcs (1.6.2)
    rspec (3.13.2)
      rspec-core (~> 3.13.0)
      rspec-expectations (~> 3.13.0)
      rspec-mocks (~> 3.13.0)
    rspec-core (3.13.6)
      rspec-support (~> 3.13.0)
    rspec-expectations (3.13.5)
      diff-lcs (>= 1.2.0, < 2.0)
      rspec-support (~> 3.13.0)
    rspec-mocks (3.13.6)
      diff-lcs (>= 1.2.0, < 2.0)
      rspec-support (~> 3.13.0)
    rspec-support (3.13.6)
    ruby-debugger (0.1.0)

PLATFORMS
  arm64-darwin-22
  ruby

DEPENDENCIES
  rspec
  ruby-debugger

BUNDLED WITH
   2.5.5
